GEM
  remote: http://rubygems.org/
  specs:
    activemodel (3.1.0)
      activesupport (= 3.1.0)
      bcrypt-ruby (~> 3.0.0)
      builder (~> 3.0.0)
      i18n (~> 0.6)
    activerecord (3.1.0)
      activemodel (= 3.1.0)
      activesupport (= 3.1.0)
      arel (~> 2.2.1)
      tzinfo (~> 0.3.29)
    activesupport (3.1.0)
      multi_json (~> 1.0)
    appraisal (0.3.8)
      bundler
      rake
    arel (2.2.1)
    aruba (0.4.6)
      bcat (>= 0.6.1)
      childprocess (>= 0.2.0)
      cucumber (>= 1.0.2)
      rdiscount (>= 1.6.8)
      rspec (>= 2.6.0)
    aws-s3 (0.6.2)
      builder
      mime-types
      xml-simple
    bcat (0.6.2)
      rack (~> 1.0)
    bcrypt-ruby (3.0.1)
    builder (3.0.0)
    capybara (1.1.1)
      mime-types (>= 1.16)
      nokogiri (>= 1.3.3)
      rack (>= 1.0.0)
      rack-test (>= 0.5.4)
      selenium-webdriver (~> 2.0)
      xpath (~> 0.1.4)
    childprocess (0.2.2)
      ffi (~> 1.0.6)
    cocaine (0.2.0)
    coderay (1.0.0)
    cucumber (1.0.6)
      builder (>= 2.1.2)
      diff-lcs (>= 1.1.2)
      gherkin (~> 2.4.18)
      json (>= 1.4.6)
      term-ansicolor (>= 1.0.6)
    diff-lcs (1.1.3)
    excon (0.6.6)
    fakeweb (1.3.0)
    ffi (1.0.9)
    fog (0.11.0)
      builder
      excon (~> 0.6.5)
      formatador (~> 0.2.0)
      mime-types
      multi_json (~> 1.0.3)
      net-scp (~> 1.0.4)
      net-ssh (~> 2.1.4)
      nokogiri (~> 1.5.0)
      ruby-hmac
    formatador (0.2.1)
    gherkin (2.4.21)
      json (>= 1.4.6)
    i18n (0.6.0)
    json (1.6.1)
    json_pure (1.6.1)
    metaclass (0.0.1)
    method_source (0.6.5)
      ruby_parser (>= 2.0.5)
    mime-types (1.16)
    mocha (0.10.0)
      metaclass (~> 0.0.1)
    multi_json (1.0.3)
    net-scp (1.0.4)
      net-ssh (>= 1.99.1)
    net-ssh (2.1.4)
    nokogiri (1.5.0)
    pry (0.9.6)
      coderay (>= 0.9.8)
      method_source (>= 0.6.5)
      ruby_parser (>= 2.0.5)
      slop (~> 2.1.0)
    rack (1.3.3)
    rack-test (0.6.1)
      rack (>= 1.0)
    rake (0.9.2)
    rdiscount (1.6.8)
    rdoc (3.9.4)
    rspec (2.6.0)
      rspec-core (~> 2.6.0)
      rspec-expectations (~> 2.6.0)
      rspec-mocks (~> 2.6.0)
    rspec-core (2.6.4)
    rspec-expectations (2.6.0)
      diff-lcs (~> 1.1.2)
    rspec-mocks (2.6.0)
    ruby-hmac (0.4.0)
    ruby_parser (2.3.1)
      sexp_processor (~> 3.0)
    rubyzip (0.9.4)
    selenium-webdriver (2.7.0)
      childprocess (>= 0.2.1)
      ffi (>= 1.0.7)
      json_pure
      rubyzip
    sexp_processor (3.0.7)
    shoulda (2.11.3)
    slop (2.1.0)
    sqlite3 (1.3.4)
    term-ansicolor (1.0.6)
    tzinfo (0.3.29)
    xml-simple (1.1.0)
    xpath (0.1.4)
      nokogiri (~> 1.3)

PLATFORMS
  ruby

DEPENDENCIES
  activerecord
  appraisal
  aruba
  aws-s3
  bundler
  capybara
  cocaine (~> 0.2)
  cucumber (~> 1.0.0)
  fakeweb
  fog
  jruby-openssl
  mime-types
  mocha
  pry
  rake
  rdoc
  shoulda
  sqlite3 (~> 1.3.4)
